GEM
  remote: http://rubygems.org/
  specs:
    bson (3.2.4)
    coffee-script (2.4.1)
      coffee-script-source
      execjs
    coffee-script-source (1.9.1.1)
    daemons (1.2.3)
    eventmachine (1.0.8)
    execjs (2.6.0)
    haml (4.0.7)
      tilt
    kgio (2.10.0)
    mongo (2.1.0)
      bson (~> 3.0)
    mustache (1.0.2)
    rack (1.6.4)
    rack-protection (1.5.3)
      rack
    rack-session-mongo (0.0.1)
      mongo
      rack
    raindrops (0.15.0)
    rake (10.4.2)
    sass (3.2.13)
    shotgun (0.9.1)
      rack (>= 1.0)
    sinatra (1.4.6)
      rack (~> 1.4)
      rack-protection (~> 1.4)
      tilt (>= 1.3, < 3)
    thin (1.6.3)
      daemons (~> 1.0, >= 1.0.9)
      eventmachine (~> 1.0)
      rack (~> 1.0)
    tilt (2.0.1)
    unicorn (4.9.0)
      kgio (~> 2.6)
      rack
      raindrops (~> 0.7)
    yajl-ruby (1.2.1)

PLATFORMS
  ruby

DEPENDENCIES
  coffee-script
  haml
  mongo
  mustache
  rack
  rack-session-mongo
  rake
  sass (= 3.2.13)
  shotgun
  sinatra
  thin
  unicorn
  yajl-ruby

BUNDLED WITH
   1.10.6
